GEM
  remote: https://rubygems.org/
  specs:
    minitest (5.15.0)
    minitest-rg (5.2.0)
      minitest (~> 5.0)
    rake (13.0.6)

PLATFORMS
  x86_64-linux

DEPENDENCIES
  minitest
  minitest-rg
  rake

BUNDLED WITH
   2.3.7
